GIT
  remote: git://github.com/cvut/kosapi_client.rb.git
  revision: 2fc49c8af3c8d802a949c6e146dfa84e7764dafd
  specs:
    kosapi_client (0.3.2)
      activesupport
      escape_utils
      faraday (~> 0.8.9)
      oauth2
      ox
      uri_template

GIT
  remote: git://github.com/jnv/role_playing.git
  revision: 8bfab60b5308993926c0f5acfd5d7d404ca0c44d
  specs:
    role_playing (0.1.4)
      activesupport (>= 3.0.0)

GIT
  remote: git://github.com/jnv/rspec-parameterized.git
  revision: badbf071e8f7de6aca6fc91cf720a66a47c329c2
  branch: badbf07
  specs:
    rspec-parameterized (0.1.3)
      binding_of_caller
      parser
      proc_to_ast
      rspec (>= 2.13, < 4)
      unparser

GIT
  remote: git://github.com/toptal/chewy.git
  revision: ec41acaeabed57c6d48bb0ec95dcad6ca6a8bf23
  branch: ec41aca
  specs:
    chewy (0.8.1)
      activesupport (>= 3.2)
      elasticsearch (>= 1.0.0)

GEM
  remote: https://rubygems.org/
  specs:
    abstract_type (0.0.7)
    activesupport (4.2.3)
      i18n (~> 0.7)
      json (~> 1.7, >= 1.7.7)
      minitest (~> 5.1)
      thread_safe (~> 0.3, >= 0.3.4)
      tzinfo (~> 1.1)
    adamantium (0.2.0)
      ice_nine (~> 0.11.0)
      memoizable (~> 0.4.0)
    ansi (1.5.0)
    ast (2.0.0)
    awesome_print (1.6.1)
    axiom-types (0.1.1)
      descendants_tracker (~> 0.0.4)
      ice_nine (~> 0.11.0)
      thread_safe (~> 0.3, >= 0.3.1)
    binding_of_caller (0.7.2)
      debug_inspector (>= 0.0.1)
    bogus (0.1.6)
      dependor (>= 0.0.4)
    builder (3.2.2)
    byebug (4.0.5)
      columnize (= 0.9.0)
    codeclimate-test-reporter (0.4.7)
      simplecov (>= 0.7.1, < 1.0.0)
    coderay (1.1.0)
    coercible (1.0.0)
      descendants_tracker (~> 0.0.1)
    columnize (0.9.0)
    committee (1.7.3)
      json_schema (~> 0.3)
      multi_json (~> 1.10)
      rack (~> 1.5)
    concord (0.1.5)
      adamantium (~> 0.2.0)
      equalizer (~> 0.0.9)
    corefines (1.8.0)
    coveralls (0.8.2)
      json (~> 1.8)
      rest-client (>= 1.6.8, < 2)
      simplecov (~> 0.10.0)
      term-ansicolor (~> 1.3)
      thor (~> 0.19.1)
    database_cleaner (1.4.1)
    debug_inspector (0.0.2)
    dependor (1.0.1)
    descendants_tracker (0.0.4)
      thread_safe (~> 0.3, >= 0.3.1)
    diff-lcs (1.2.5)
    docile (1.1.5)
    domain_name (0.5.24)
      unf (>= 0.0.5, < 1.0.0)
    dotenv (2.0.2)
    elasticsearch (1.0.12)
      elasticsearch-api (= 1.0.12)
      elasticsearch-transport (= 1.0.12)
    elasticsearch-api (1.0.12)
      multi_json
    elasticsearch-extensions (0.0.18)
      ansi
      ruby-prof
    elasticsearch-transport (1.0.12)
      faraday
      multi_json
    em-websocket (0.5.1)
      eventmachine (>= 0.12.9)
      http_parser.rb (~> 0.6.0)
    equalizer (0.0.11)
    erubis (2.7.0)
    escape_utils (1.1.0)
    eventmachine (1.0.7)
    fabrication (2.13.2)
    faraday (0.8.9)
      multipart-post (~> 1.2.0)
    faraday_middleware (0.8.8)
      faraday (>= 0.7.4, < 0.9)
    ffi (1.9.10)
    foreman (0.78.0)
      thor (~> 0.19.1)
    formatador (0.2.5)
    grape (0.9.0)
      activesupport
      builder
      hashie (>= 2.1.0)
      multi_json (>= 1.3.2)
      multi_xml (>= 0.5.2)
      rack (>= 1.3.0)
      rack-accept
      rack-mount
      virtus (>= 1.0.0)
    guard (2.12.8)
      formatador (>= 0.2.4)
      listen (>= 2.7, <= 4.0)
      lumberjack (~> 1.0)
      nenv (~> 0.1)
      notiffany (~> 0.0)
      pry (>= 0.9.12)
      shellany (~> 0.0)
      thor (>= 0.18.1)
    guard-compat (1.2.1)
    guard-livereload (2.4.0)
      em-websocket (~> 0.5)
      guard (~> 2.8)
      multi_json (~> 1.8)
    guard-rspec (4.6.0)
      guard (~> 2.1)
      guard-compat (~> 1.1)
      rspec (>= 2.99.0, < 4.0)
    guard-shotgun (0.4.0)
      ffi
      guard (~> 2.0)
      spoon
    guard-yard (2.1.4)
      guard (>= 1.1.0)
      yard (>= 0.7.0)
    hashie (3.4.2)
    http-cookie (1.0.2)
      domain_name (~> 0.5)
    http_accept (0.1.6)
    http_parser.rb (0.6.0)
    i18n (0.7.0)
    icalendar (2.3.0)
    ice_cube (0.13.0)
    ice_nine (0.11.1)
    json (1.8.3)
    json_schema (0.6.0)
    json_spec (1.1.4)
      multi_json (~> 1.0)
      rspec (>= 2.0, < 4.0)
    jwt (1.5.1)
    kramdown (1.8.0)
    listen (3.0.1)
      rb-fsevent (>= 0.9.3)
      rb-inotify (>= 0.9)
    little-plugger (1.1.3)
    logging (2.0.0)
      little-plugger (~> 1.1)
      multi_json (~> 1.10)
    lumberjack (1.0.9)
    memoizable (0.4.2)
      thread_safe (~> 0.3, >= 0.3.1)
    method_source (0.8.2)
    mime-types (2.6.1)
    mini_portile (0.6.2)
    minitest (5.7.0)
    multi_json (1.11.2)
    multi_xml (0.5.5)
    multipart-post (1.2.0)
    nenv (0.2.0)
    netrc (0.10.3)
    nokogiri (1.6.6.2)
      mini_portile (~> 0.6.0)
    notiffany (0.0.6)
      nenv (~> 0.1)
      shellany (~> 0.0)
    oauth2 (1.0.0)
      faraday (>= 0.8, < 0.10)
      jwt (~> 1.0)
      multi_json (~> 1.3)
      multi_xml (~> 0.5)
      rack (~> 1.2)
    ox (2.2.0)
    parser (2.2.2.6)
      ast (>= 1.1, < 3.0)
    pg (0.18.2)
    pliny (0.10.0)
      activesupport (~> 4.1, >= 4.1.0)
      http_accept (~> 0.1, >= 0.1.5)
      multi_json (~> 1.9, >= 1.9.3)
      prmd (~> 0.7.0)
      rack-timeout (~> 0.2, >= 0.2.3)
      sinatra (~> 1.4, >= 1.4.5)
      sinatra-router (~> 0.2, >= 0.2.3)
      thor (~> 0.19, >= 0.19.1)
    prmd (0.7.4)
      erubis (~> 2.7)
      json_schema (~> 0.3, >= 0.3.1)
    proc_to_ast (0.1.0)
      coderay
      parser
      unparser
    procto (0.0.2)
    pry (0.10.1)
      coderay (~> 1.1.0)
      method_source (~> 0.8.1)
      slop (~> 3.4)
    pry-byebug (3.1.0)
      byebug (~> 4.0)
      pry (~> 0.10)
    pry-nav (0.2.4)
      pry (>= 0.9.10, < 0.11.0)
    puma (2.11.3)
      rack (>= 1.1, < 2.0)
    rack (1.6.4)
    rack-accept (0.4.5)
      rack (>= 0.4)
    rack-mount (0.8.3)
      rack (>= 1.0.0)
    rack-protection (1.5.3)
      rack
    rack-test (0.6.3)
      rack (>= 1.0)
    rack-timeout (0.2.4)
    rake (10.4.2)
    rake-jekyll (1.0.4)
      rake (~> 10.0)
    rb-fsevent (0.9.5)
    rb-inotify (0.9.5)
      ffi (>= 0.5.0)
    representable (2.2.3)
      multi_json
      nokogiri
      uber (~> 0.0.7)
    rest-client (1.8.0)
      http-cookie (>= 1.0.2, < 2.0)
      mime-types (>= 1.16, < 3.0)
      netrc (~> 0.7)
    roar (1.0.1)
      representable (>= 2.0.1, <= 3.0.0)
    rspec (3.3.0)
      rspec-core (~> 3.3.0)
      rspec-expectations (~> 3.3.0)
      rspec-mocks (~> 3.3.0)
    rspec-collection_matchers (1.1.2)
      rspec-expectations (>= 2.99.0.beta1)
    rspec-core (3.3.1)
      rspec-support (~> 3.3.0)
    rspec-expectations (3.3.0)
      diff-lcs (>= 1.2.0, < 2.0)
      rspec-support (~> 3.3.0)
    rspec-mocks (3.3.1)
      diff-lcs (>= 1.2.0, < 2.0)
      rspec-support (~> 3.3.0)
    rspec-support (3.3.0)
    ruby-prof (0.15.8)
    rufus-scheduler (3.1.3)
    sentry-raven (0.13.3)
      faraday (>= 0.7.6)
    sequel (4.24.0)
    sequel_pg (1.6.13)
      pg (>= 0.8.0)
      sequel (>= 3.39.0)
    shellany (0.0.1)
    simplecov (0.10.0)
      docile (~> 1.1.0)
      json (~> 1.8)
      simplecov-html (~> 0.10.0)
    simplecov-html (0.10.0)
    sinatra (1.4.6)
      rack (~> 1.4)
      rack-protection (~> 1.4)
      tilt (>= 1.3, < 3)
    sinatra-router (0.2.3)
      sinatra (~> 1.4)
    slop (3.6.0)
    spoon (0.0.4)
      ffi
    term-ansicolor (1.3.2)
      tins (~> 1.0)
    thor (0.19.1)
    thread_safe (0.3.5)
    tilt (2.0.1)
    timecop (0.7.4)
    tins (1.5.4)
    tzinfo (1.2.2)
      thread_safe (~> 0.1)
    uber (0.0.13)
    unf (0.1.4)
      unf_ext
    unf_ext (0.0.7.1)
    unparser (0.2.4)
      abstract_type (~> 0.0.7)
      adamantium (~> 0.2.0)
      concord (~> 0.1.5)
      diff-lcs (~> 1.2.5)
      equalizer (~> 0.0.9)
      parser (~> 2.2.2)
      procto (~> 0.0.2)
    uri_template (0.7.0)
    vcr (2.9.3)
    virtus (1.0.5)
      axiom-types (~> 0.1)
      coercible (~> 1.0)
      descendants_tracker (~> 0.0, >= 0.0.3)
      equalizer (~> 0.0, >= 0.0.9)
    warden (1.2.3)
      rack (>= 1.0)
    yard (0.8.7.6)

PLATFORMS
  ruby

DEPENDENCIES
  activesupport
  awesome_print
  bogus
  chewy!
  codeclimate-test-reporter
  committee
  corefines (~> 1.8)
  coveralls
  database_cleaner
  dotenv
  elasticsearch-extensions
  fabrication
  faraday (~> 0.8.9)
  faraday_middleware (~> 0.8.8)
  foreman
  grape (~> 0.9.0)
  guard-livereload
  guard-rspec
  guard-shotgun (~> 0.4.0)
  guard-yard
  icalendar (~> 2.3.0)
  ice_cube
  json
  json_spec (~> 1.1.2)
  kosapi_client!
  kramdown
  logging
  oauth2
  pg
  pliny (~> 0.10.0)
  pry
  pry-byebug
  pry-nav (~> 0.2.4)
  puma
  rack-test
  rake
  rake-jekyll
  roar (~> 1.0.0)
  role_playing!
  rspec (~> 3.3)
  rspec-collection_matchers
  rspec-parameterized!
  rufus-scheduler (~> 3.1.0)
  sentry-raven
  sequel (~> 4.17)
  sequel_pg
  timecop
  vcr
  warden (~> 1.2.3)

BUNDLED WITH
   1.10.5
